GEM
  remote: https://rubygems.org/
  specs:
    adsf (1.2.1)
      rack (>= 1.0.0)
    colored (1.2)
    concurrent-ruby (1.0.5)
    cri (2.9.1)
      colored (~> 1.2)
    ddplugin (1.0.1)
    hamster (3.0.0)
      concurrent-ruby (~> 1.0)
    kramdown (1.14.0)
    mini_portile2 (2.2.0)
    nanoc (4.8.2)
      cri (~> 2.8)
      ddplugin (~> 1.0)
      hamster (~> 3.0)
      ref (~> 2.0)
    nokogiri (1.8.0)
      mini_portile2 (~> 2.2.0)
    pandoc-ruby (2.0.1)
    rack (2.0.3)
    ref (2.0.0)

PLATFORMS
  ruby

DEPENDENCIES
  adsf
  kramdown
  nanoc
  nokogiri
  pandoc-ruby

BUNDLED WITH
   1.15.1
